GEM
  remote: https://rubygems.org/
  specs:
    autoprefixer-rails (6.3.1)
      execjs
      json
    bootstrap-sass (3.3.6)
      autoprefixer-rails (>= 5.2.1)
      sass (>= 3.3.4)
    coffee-script (2.4.1)
      coffee-script-source
      execjs
    coffee-script-source (1.10.0)
    execjs (2.6.0)
    ffi (1.9.10)
    haml (4.0.7)
      tilt
    json (1.8.3)
    puma (2.16.0)
    rack (1.6.4)
    rack-protection (1.5.3)
      rack
    sass (3.4.21)
    sassc (1.8.4)
      bundler
      ffi (~> 1.9.6)
      sass (>= 3.3.0)
    sinatra (1.4.7)
      rack (~> 1.5)
      rack-protection (~> 1.4)
      tilt (>= 1.3, < 3)
    sprockets (3.0.3)
      rack (~> 1.0)
    thor (0.19.1)
    tilt (1.4.1)
    torba (0.7.0)
      thor (~> 0.19.1)
    uglifier (2.7.2)
      execjs (>= 0.3.0)
      json (>= 1.8.0)

PLATFORMS
  ruby

DEPENDENCIES
  bootstrap-sass (~> 3.3.6)
  coffee-script
  haml
  puma
  sassc
  sinatra
  sprockets (~> 3.0.0)
  torba
  uglifier

BUNDLED WITH
   1.10.6
